GEM
  remote: https://rubygems.org/
  specs:
    http-2 (1.1.1)
    httpx (1.5.1)
      http-2 (>= 1.0.0)
    minitest (5.25.5)
    rack (3.1.16)
    rack-test (2.2.0)
      rack (>= 1.3)
    rake (13.3.0)
    webrick (1.9.1)

PLATFORMS
  arm64-darwin-23
  ruby

DEPENDENCIES
  httpx
  minitest
  rack
  rack-test
  rake
  webrick

BUNDLED WITH
   2.6.9
